GIT
  remote: https://github.com/koic/chroma.git
  revision: c457cb0541dffeb4386a8d4d47eaaa68608d2561
  branch: support_chroma_v2_api
  specs:
    chroma-db (0.8.2)
      dry-monads (~> 1.6)
      ruby-next (~> 1.0, >= 1.0.3)
      zeitwerk (~> 2.6.0)

GEM
  remote: https://rubygems.org/
  specs:
    ast (2.4.3)
    byebug (12.0.0)
    coderay (1.1.3)
    concurrent-ruby (1.3.5)
    diff-lcs (1.6.2)
    dry-core (1.1.0)
      concurrent-ruby (~> 1.0)
      logger
      zeitwerk (~> 2.6)
    dry-monads (1.9.0)
      concurrent-ruby (~> 1.0)
      dry-core (~> 1.1)
      zeitwerk (~> 2.6)
    event_stream_parser (1.0.0)
    faraday (2.13.4)
      faraday-net_http (>= 2.0, < 3.5)
      json
      logger
    faraday-multipart (1.1.1)
      multipart-post (~> 2.0)
    faraday-net_http (3.4.1)
      net-http (>= 0.5.0)
    json (2.13.2)
    logger (1.7.0)
    method_source (1.1.0)
    multipart-post (2.4.1)
    net-http (0.6.0)
      uri
    paco (0.2.3)
    parser (3.3.9.0)
      ast (~> 2.4.1)
      racc
    pragmatic_segmenter (0.3.24)
    pry (0.15.2)
      coderay (~> 1.1)
      method_source (~> 1.0)
    pry-byebug (3.11.0)
      byebug (~> 12.0)
      pry (>= 0.13, < 0.16)
    racc (1.8.1)
    require-hooks (0.2.2)
    ruby-next (1.1.2)
      paco (~> 0.2)
      require-hooks (~> 0.2)
      ruby-next-core (= 1.1.2)
      ruby-next-parser (>= 3.4.0.2)
      unparser (~> 0.6.0)
    ruby-next-core (1.1.2)
    ruby-next-parser (3.4.0.2)
      parser (>= 3.0.3.1)
    ruby-openai (8.1.0)
      event_stream_parser (>= 0.3.0, < 2.0.0)
      faraday (>= 1)
      faraday-multipart (>= 1)
    unparser (0.6.15)
      diff-lcs (~> 1.3)
      parser (>= 3.3.0)
    uri (1.0.3)
    zeitwerk (2.6.18)

PLATFORMS
  arm64-darwin-23
  ruby

DEPENDENCIES
  chroma-db!
  pragmatic_segmenter
  pry-byebug
  ruby-next
  ruby-openai

BUNDLED WITH
   2.6.8
